GIT
  remote: git://github.com/ubpb/metacrunch-elasticsearch.git
  revision: 83fb1b5c204fadc2a11e6091f64a01e874c2af30
  branch: master
  specs:
    metacrunch-elasticsearch (3.0.0)
      activesupport (>= 4.0.0)
      elasticsearch (~> 1.0)

GIT
  remote: git://github.com/ubpb/metacrunch-mab2.git
  revision: c47f4151afd51c8c9a44b470440ba3124a63bf95
  branch: master
  specs:
    metacrunch-mab2 (1.2.1)
      activesupport (~> 4.2)
      htmlentities (~> 4.3)
      nokogiri (~> 1.6)
      ox (~> 2.1)
      self_enumerable (~> 0.2)

GIT
  remote: git://github.com/ubpb/metacrunch-ubpb.git
  revision: f5fbb0654502588a08dda6b7bf57970e02744c8c
  branch: master
  specs:
    metacrunch-ubpb (3.0.1)
      isbn (~> 2.0.11)
      metacrunch-mab2 (~> 1.2)
      nokogiri (~> 1.6)

GIT
  remote: git://github.com/ubpb/metacrunch.git
  revision: 37481e2b3d58bbb725ada205bb19a5ebda84bc92
  branch: master
  specs:
    metacrunch (3.1.1)
      activesupport (>= 4.2, < 5.1)
      colorize (>= 0.8)
      parallel (~> 1.9)
      redis (~> 3.3)
      sequel (~> 4.33)

GEM
  remote: https://rubygems.org/
  specs:
    activesupport (4.2.7)
      i18n (~> 0.7)
      json (~> 1.7, >= 1.7.7)
      minitest (~> 5.1)
      thread_safe (~> 0.3, >= 0.3.4)
      tzinfo (~> 1.1)
    byebug (9.0.5)
    coderay (1.1.1)
    colorize (0.8.1)
    elasticsearch (1.1.0)
      elasticsearch-api (= 1.1.0)
      elasticsearch-transport (= 1.1.0)
    elasticsearch-api (1.1.0)
      multi_json
    elasticsearch-transport (1.1.0)
      faraday
      multi_json
    faraday (0.9.2)
      multipart-post (>= 1.2, < 3)
    htmlentities (4.3.4)
    i18n (0.7.0)
    interception (0.5)
    isbn (2.0.11)
    json (1.8.3)
    method_source (0.8.2)
    mini_portile2 (2.1.0)
    minitest (5.9.0)
    multi_json (1.12.1)
    multipart-post (2.0.0)
    nokogiri (1.6.8)
      mini_portile2 (~> 2.1.0)
      pkg-config (~> 1.1.7)
    ox (2.4.3)
    parallel (1.9.0)
    pkg-config (1.1.7)
    pry (0.10.4)
      coderay (~> 1.1.0)
      method_source (~> 0.8.1)
      slop (~> 3.4)
    pry-byebug (3.4.0)
      byebug (~> 9.0)
      pry (~> 0.10)
    pry-rescue (1.4.4)
      interception (>= 0.5)
      pry
    pry-state (0.1.7)
      pry (>= 0.9.10, < 0.11.0)
    redis (3.3.1)
    self_enumerable (0.2.0)
    sequel (4.36.0)
    slop (3.6.0)
    thread_safe (0.3.5)
    tzinfo (1.2.2)
      thread_safe (~> 0.1)

PLATFORMS
  ruby

DEPENDENCIES
  colorize (>= 0.7)
  metacrunch!
  metacrunch-elasticsearch!
  metacrunch-mab2!
  metacrunch-ubpb!
  parallel (~> 1.9.0)
  pry-byebug (>= 3.3.0)
  pry-rescue (>= 1.4.2)
  pry-state (>= 0.1.7)

BUNDLED WITH
   1.12.3
