GIT
  remote: git://github.com/ubpb/metacrunch-elasticsearch.git
  revision: 6c078f0f0982b9aecd703b56696396a9be0842d9
  branch: v3
  specs:
    metacrunch-elasticsearch (3.0.0)
      activesupport (>= 4.0.0)
      elasticsearch (~> 1.0)

GIT
  remote: git://github.com/ubpb/metacrunch-ubpb.git
  revision: 6cd079e9bc75f6e6068e2d1580fa5892f2288611
  branch: v3
  specs:
    metacrunch-ubpb (3.0.0.dev)
      isbn (~> 2.0.11)
      metacrunch-mab2 (~> 1.2)
      nokogiri (~> 1.6)

GEM
  remote: https://rubygems.org/
  specs:
    activesupport (4.2.6)
      i18n (~> 0.7)
      json (~> 1.7, >= 1.7.7)
      minitest (~> 5.1)
      thread_safe (~> 0.3, >= 0.3.4)
      tzinfo (~> 1.1)
    byebug (8.2.5)
    coderay (1.1.1)
    colorize (0.7.7)
    elasticsearch (1.0.17)
      elasticsearch-api (= 1.0.17)
      elasticsearch-transport (= 1.0.17)
    elasticsearch-api (1.0.17)
      multi_json
    elasticsearch-transport (1.0.17)
      faraday
      multi_json
    faraday (0.9.2)
      multipart-post (>= 1.2, < 3)
    htmlentities (4.3.4)
    i18n (0.7.0)
    interception (0.5)
    isbn (2.0.11)
    json (1.8.3)
    metacrunch-mab2 (1.2.1)
      activesupport (~> 4.2)
      htmlentities (~> 4.3)
      nokogiri (~> 1.6)
      ox (~> 2.1)
      self_enumerable (~> 0.2)
    method_source (0.8.2)
    mini_portile2 (2.0.0)
    minitest (5.8.4)
    multi_json (1.11.3)
    multipart-post (2.0.0)
    nokogiri (1.6.7.2)
      mini_portile2 (~> 2.0.0.rc2)
    ox (2.4.0)
    parallel (1.8.0)
    pry (0.10.3)
      coderay (~> 1.1.0)
      method_source (~> 0.8.1)
      slop (~> 3.4)
    pry-byebug (3.3.0)
      byebug (~> 8.0)
      pry (~> 0.10)
    pry-rescue (1.4.2)
      interception (>= 0.5)
      pry
    pry-state (0.1.7)
      pry (>= 0.9.10, < 0.11.0)
    self_enumerable (0.2.0)
    slop (3.6.0)
    thread_safe (0.3.5)
    tzinfo (1.2.2)
      thread_safe (~> 0.1)

PLATFORMS
  ruby

DEPENDENCIES
  colorize (>= 0.7)
  metacrunch-elasticsearch!
  metacrunch-ubpb!
  parallel (~> 1.8.0)
  pry-byebug (>= 3.3.0)
  pry-rescue (>= 1.4.2)
  pry-state (>= 0.1.7)

BUNDLED WITH
   1.11.2
