GIT
  remote: https://github.com/ubpb/metacrunch-marcxml.git
  revision: d78571e016be113101fe704458f79c434f3bd407
  branch: v1.3
  specs:
    metacrunch-mab2 (1.3.2)
      activesupport (> 0)
      htmlentities (~> 4.3)
      nokogiri (~> 1.6)
      ox (~> 2.1)
      self_enumerable (~> 0.2)

GIT
  remote: https://github.com/ubpb/metacrunch-ubpb.git
  revision: 72f65df87ac2742f0db61a6b075f0ea7c5087405
  branch: master
  specs:
    metacrunch-ubpb (3.0.21)
      isbn (~> 2.0.11)
      metacrunch-mab2 (~> 1.2)
      nokogiri (~> 1.6)

GEM
  remote: https://rubygems.org/
  specs:
    activesupport (5.2.3)
      concurrent-ruby (~> 1.0, >= 1.0.2)
      i18n (>= 0.7, < 2)
      minitest (~> 5.1)
      tzinfo (~> 1.1)
    byebug (10.0.2)
    coderay (1.1.2)
    colorize (0.8.1)
    concurrent-ruby (1.1.5)
    elasticsearch (6.1.0)
      elasticsearch-api (= 6.1.0)
      elasticsearch-transport (= 6.1.0)
    elasticsearch-api (6.1.0)
      multi_json
    elasticsearch-transport (6.1.0)
      faraday
      multi_json
    faraday (0.15.3)
      multipart-post (>= 1.2, < 3)
    htmlentities (4.3.4)
    i18n (1.6.0)
      concurrent-ruby (~> 1.0)
    interception (0.5)
    isbn (2.0.11)
    metacrunch (4.2.0)
      activesupport (>= 5.1.0)
      colorize (>= 0.8.1)
    metacrunch-db (1.0.1)
      activesupport (>= 5.1.0)
      sequel (>= 5.0.0)
    metacrunch-elasticsearch (4.1.1)
      activesupport
      elasticsearch (>= 5.0.4)
    metacrunch-redis (1.1.0)
      activesupport (>= 5.1.0)
      redis (>= 4.0.0)
    method_source (0.9.1)
    mini_portile2 (2.6.1)
    minitest (5.11.3)
    multi_json (1.13.1)
    multipart-post (2.0.0)
    nokogiri (1.12.5)
      mini_portile2 (~> 2.6.1)
      racc (~> 1.4)
    ox (2.9.4)
    parallel (1.9.0)
    pry (0.11.3)
      coderay (~> 1.1.0)
      method_source (~> 0.9.0)
    pry-byebug (3.6.0)
      byebug (~> 10.0)
      pry (~> 0.10)
    pry-rescue (1.4.5)
      interception (>= 0.5)
      pry
    pry-state (0.1.10)
      pry (>= 0.9.10, < 0.12.0)
    racc (1.6.0)
    redis (4.0.3)
    ruby-oci8 (2.2.6.1)
    ruby-progressbar (1.10.0)
    self_enumerable (0.2.0)
    sequel (5.14.0)
    thread_safe (0.3.6)
    tzinfo (1.2.10)
      thread_safe (~> 0.1)

PLATFORMS
  ruby

DEPENDENCIES
  activesupport (>= 5.1.0, < 6)
  colorize (>= 0.7)
  metacrunch (~> 4.2.0)
  metacrunch-db (~> 1.0.0)
  metacrunch-elasticsearch (~> 4.1.1)
  metacrunch-mab2 (~> 1.3.2)!
  metacrunch-redis (~> 1.1.0)
  metacrunch-ubpb (= 3.0.21)!
  ox (~> 2.9.3)
  parallel (~> 1.9.0)
  pry-byebug (>= 3.3.0)
  pry-rescue (>= 1.4.2)
  pry-state (>= 0.1.7)
  ruby-oci8 (~> 2.0)
  ruby-progressbar (~> 1.0)

BUNDLED WITH
   2.2.31
