GIT
  remote: git://github.com/ubpb/metacrunch-elasticsearch.git
  revision: 83fb1b5c204fadc2a11e6091f64a01e874c2af30
  branch: master
  specs:
    metacrunch-elasticsearch (3.0.0)
      activesupport (>= 4.0.0)
      elasticsearch (~> 1.0)

GIT
  remote: git://github.com/ubpb/metacrunch-marcxml.git
  revision: b4c3bd8b39264d2dbf289694e3bd3cff4764ca26
  tag: v1.3.1
  specs:
    metacrunch-mab2 (1.3.1)
      activesupport (>= 4.2, < 5.1)
      htmlentities (~> 4.3)
      nokogiri (~> 1.6)
      ox (~> 2.1)
      self_enumerable (~> 0.2)

GIT
  remote: git://github.com/ubpb/metacrunch-ubpb.git
  revision: a1c726b1e9cf63069552a0a967556565b1a49dd9
  branch: master
  specs:
    metacrunch-ubpb (3.0.6)
      isbn (~> 2.0.11)
      metacrunch-mab2 (~> 1.2)
      nokogiri (~> 1.6)

GIT
  remote: git://github.com/ubpb/metacrunch.git
  revision: 5c599b7f1ddc9337f99b999729795c1682394221
  branch: 3.x
  specs:
    metacrunch (3.1.4)
      activesupport (>= 4.2, < 5.1)
      colorize (>= 0.8)
      parallel (~> 1.9)
      redis (~> 3.3)
      sequel (~> 4.33)

GEM
  remote: https://rubygems.org/
  specs:
    activesupport (5.0.6)
      concurrent-ruby (~> 1.0, >= 1.0.2)
      i18n (~> 0.7)
      minitest (~> 5.1)
      tzinfo (~> 1.1)
    byebug (9.0.6)
    coderay (1.1.1)
    colorize (0.8.1)
    concurrent-ruby (1.0.5)
    elasticsearch (1.1.2)
      elasticsearch-api (= 1.1.2)
      elasticsearch-transport (= 1.1.2)
    elasticsearch-api (1.1.2)
      multi_json
    elasticsearch-transport (1.1.2)
      faraday
      multi_json
    faraday (0.11.0)
      multipart-post (>= 1.2, < 3)
    htmlentities (4.3.4)
    i18n (0.9.0)
      concurrent-ruby (~> 1.0)
    interception (0.5)
    isbn (2.0.11)
    method_source (0.8.2)
    mini_portile2 (2.3.0)
    minitest (5.10.3)
    multi_json (1.12.1)
    multipart-post (2.0.0)
    nokogiri (1.8.1)
      mini_portile2 (~> 2.3.0)
    ox (2.6.0)
    parallel (1.9.0)
    pry (0.10.4)
      coderay (~> 1.1.0)
      method_source (~> 0.8.1)
      slop (~> 3.4)
    pry-byebug (3.4.2)
      byebug (~> 9.0)
      pry (~> 0.10)
    pry-rescue (1.4.5)
      interception (>= 0.5)
      pry
    pry-state (0.1.8)
      pry (>= 0.9.10, < 0.11.0)
    redis (3.3.3)
    ruby-oci8 (2.2.3)
    ruby-progressbar (1.8.1)
    self_enumerable (0.2.0)
    sequel (4.43.0)
    slop (3.6.0)
    thread_safe (0.3.6)
    tzinfo (1.2.3)
      thread_safe (~> 0.1)

PLATFORMS
  ruby

DEPENDENCIES
  colorize (>= 0.7)
  metacrunch (~> 3.1.4)!
  metacrunch-elasticsearch (~> 3.0.0)!
  metacrunch-mab2 (~> 1.3.1)!
  metacrunch-ubpb (~> 3.0.6)!
  ox (= 2.6.0)
  parallel (~> 1.9.0)
  pry-byebug (>= 3.3.0)
  pry-rescue (>= 1.4.2)
  pry-state (>= 0.1.7)
  ruby-oci8 (~> 2.0)
  ruby-progressbar (~> 1.0)

BUNDLED WITH
   1.16.1
